GEM
  remote: https://rubygems.org/
  specs:
    activesupport (8.0.3)
      base64
      benchmark (>= 0.3)
      bigdecimal
      concurrent-ruby (~> 1.0, >= 1.3.1)
      connection_pool (>= 2.2.5)
      drb
      i18n (>= 1.6, < 2)
      logger (>= 1.4.2)
      minitest (>= 5.1)
      securerandom (>= 0.3)
      tzinfo (~> 2.0, >= 2.0.5)
      uri (>= 0.13.1)
    addressable (2.8.7)
      public_suffix (>= 2.0.2, < 7.0)
    base64 (0.3.0)
    benchmark (0.4.1)
    bibtex-ruby (6.2.0)
      latex-decode (~> 0.0)
      logger (~> 1.7)
      racc (~> 1.7)
    bigdecimal (3.2.3)
    citeproc (1.1.0)
      date
      forwardable
      json
      namae (~> 1.0)
      observer (< 1.0)
      open-uri (< 1.0)
    citeproc-ruby (2.1.2)
      citeproc (~> 1.0, >= 1.0.9)
      csl (~> 2.0)
      observer (< 1.0)
    colorator (1.1.0)
    concurrent-ruby (1.3.5)
    connection_pool (2.5.4)
    csl (2.1.0)
      forwardable (~> 1.3)
      namae (~> 1.2)
      open-uri (< 1.0)
      rexml (~> 3.0)
      set (~> 1.1)
      singleton (< 1.0)
      time (< 1.0)
    csl-styles (2.0.1)
      csl (~> 2.0)
    csv (3.3.5)
    date (3.4.1)
    drb (2.2.3)
    em-websocket (0.5.3)
      eventmachine (>= 0.12.9)
      http_parser.rb (~> 0)
    eventmachine (1.2.7)
    ffi (1.17.2)
    forwardable (1.3.3)
    forwardable-extended (2.6.0)
    gemoji (4.1.0)
    html-pipeline (2.14.3)
      activesupport (>= 2)
      nokogiri (>= 1.4)
    http_parser.rb (0.8.0)
    i18n (1.14.7)
      concurrent-ruby (~> 1.0)
    jekyll (4.4.1)
      addressable (~> 2.4)
      base64 (~> 0.2)
      colorator (~> 1.0)
      csv (~> 3.0)
      em-websocket (~> 0.5)
      i18n (~> 1.0)
      jekyll-sass-converter (>= 2.0, < 4.0)
      jekyll-watch (~> 2.0)
      json (~> 2.6)
      kramdown (~> 2.3, >= 2.3.1)
      kramdown-parser-gfm (~> 1.0)
      liquid (~> 4.0)
      mercenary (~> 0.3, >= 0.3.6)
      pathutil (~> 0.9)
      rouge (>= 3.0, < 5.0)
      safe_yaml (~> 1.0)
      terminal-table (>= 1.8, < 4.0)
      webrick (~> 1.7)
    jekyll-feed (0.17.0)
      jekyll (>= 3.7, < 5.0)
    jekyll-paginate (1.1.0)
    jekyll-sass-converter (2.2.0)
      sassc (> 2.0.1, < 3.0)
    jekyll-scholar (7.2.1)
      bibtex-ruby (~> 6.0)
      citeproc-ruby (~> 2.0)
      csl-styles (~> 2.0)
      jekyll (~> 4.0)
    jekyll-seo-tag (2.8.0)
      jekyll (>= 3.8, < 5.0)
    jekyll-watch (2.2.1)
      listen (~> 3.0)
    jemoji (0.13.0)
      gemoji (>= 3, < 5)
      html-pipeline (~> 2.2)
      jekyll (>= 3.0, < 5.0)
    json (2.15.0)
    kramdown (2.5.1)
      rexml (>= 3.3.9)
    kramdown-parser-gfm (1.1.0)
      kramdown (~> 2.0)
    latex-decode (0.4.0)
    liquid (4.0.4)
    listen (3.9.0)
      rb-fsevent (~> 0.10, >= 0.10.3)
      rb-inotify (~> 0.9, >= 0.9.10)
    logger (1.7.0)
    mercenary (0.4.0)
    mini_portile2 (2.8.9)
    minima (2.5.2)
      jekyll (>= 3.5, < 5.0)
      jekyll-feed (~> 0.9)
      jekyll-seo-tag (~> 2.1)
    minitest (5.25.5)
    namae (1.2.0)
      racc (~> 1.7)
    nokogiri (1.18.10)
      mini_portile2 (~> 2.8.2)
      racc (~> 1.4)
    observer (0.1.2)
    open-uri (0.5.0)
      stringio
      time
      uri
    pathutil (0.16.2)
      forwardable-extended (~> 2.6)
    public_suffix (6.0.2)
    racc (1.8.1)
    rb-fsevent (0.11.2)
    rb-inotify (0.11.1)
      ffi (~> 1.0)
    rexml (3.4.4)
    rouge (4.6.1)
    safe_yaml (1.0.5)
    sassc (2.4.0)
      ffi (~> 1.9)
    securerandom (0.4.1)
    set (1.1.2)
    singleton (0.3.0)
    stringio (3.1.7)
    terminal-table (3.0.2)
      unicode-display_width (>= 1.1.1, < 3)
    time (0.4.1)
      date
    tzinfo (2.0.6)
      concurrent-ruby (~> 1.0)
    unicode-display_width (2.6.0)
    uri (1.0.3)
    webrick (1.9.1)

PLATFORMS
  ruby

DEPENDENCIES
  csv (~> 3.3)
  jekyll
  jekyll-feed
  jekyll-paginate
  jekyll-sass-converter (< 3.0)
  jekyll-scholar
  jemoji
  minima (~> 2.0)
  tzinfo-data
  webrick (~> 1.9)

BUNDLED WITH
   2.7.2
